GEM
  remote: https://rubygems.org/
  specs:
    ast (1.1.0)
    backports (3.3.3)
    coderay (1.0.9)
    columnize (0.3.6)
    debugger (1.6.1)
      columnize (>= 0.3.1)
      debugger-linecache (~> 1.2.0)
      debugger-ruby_core_source (~> 1.2.3)
    debugger-linecache (1.2.0)
    debugger-ruby_core_source (1.2.3)
    diff-lcs (1.2.4)
    method_source (0.8.2)
    parser (2.0.0.pre6)
      ast (~> 1.1)
      slop (~> 3.4, >= 3.4.5)
    powerpack (0.0.3)
    pry (0.9.12.2)
      coderay (~> 1.0.5)
      method_source (~> 0.8)
      slop (~> 3.4)
    pry-debugger (0.2.2)
      debugger (~> 1.3)
      pry (~> 0.9.10)
    rainbow (1.1.4)
    rspec (2.14.1)
      rspec-core (~> 2.14.0)
      rspec-expectations (~> 2.14.0)
      rspec-mocks (~> 2.14.0)
    rspec-core (2.14.4)
    rspec-expectations (2.14.0)
      diff-lcs (>= 1.1.3, < 2.0)
    rspec-mocks (2.14.1)
    rubocop (0.11.1)
      backports (~> 3.3.3)
      parser (~> 2.0.0.pre6)
      powerpack (~> 0.0.3)
      rainbow (>= 1.1.4)
    slop (3.4.6)

PLATFORMS
  ruby

DEPENDENCIES
  pry
  pry-debugger
  rspec
  rubocop
